GEM
  remote: http://rubygems.org/
  specs:
    cutest (1.0.0)

PLATFORMS
  ruby

DEPENDENCIES
  cutest
